GIT
  remote: https://github.com/Sevavietl/RubyGarageCodebreaker
  revision: c7149859c7fa05b62457bd82ee593c8971e57a88
  specs:
    codebreaker (0.1.0)

PATH
  remote: .
  specs:
    codebreaker_rack (0.1.0)

GEM
  remote: https://rubygems.org/
  specs:
    diff-lcs (1.3)
    rack (2.0.3)
    rack-test (0.8.2)
      rack (>= 1.0, < 3)
    rake (10.5.0)
    rspec (3.7.0)
      rspec-core (~> 3.7.0)
      rspec-expectations (~> 3.7.0)
      rspec-mocks (~> 3.7.0)
    rspec-core (3.7.0)
      rspec-support (~> 3.7.0)
    rspec-expectations (3.7.0)
      diff-lcs (>= 1.2.0, < 2.0)
      rspec-support (~> 3.7.0)
    rspec-mocks (3.7.0)
      diff-lcs (>= 1.2.0, < 2.0)
      rspec-support (~> 3.7.0)
    rspec-support (3.7.0)

PLATFORMS
  ruby

DEPENDENCIES
  bundler (~> 1.16)
  codebreaker!
  codebreaker_rack!
  rack-test
  rake (~> 10.0)
  rspec (~> 3.0)

BUNDLED WITH
   1.16.0
